GEM
  remote: https://rubygems.org/
  specs:
    minitest (5.10.2)

PLATFORMS
  java
  ruby

DEPENDENCIES
  minitest!

BUNDLED WITH
   1.15.1
