GEM
  remote: https://rubygems.org/
  specs:
    power_assert (1.1.1)
    test-unit (3.2.6)
      power_assert

PLATFORMS
  java
  ruby

DEPENDENCIES
  test-unit (~> 3.2.6)!

BUNDLED WITH
   1.15.1
